GEM
  remote: https://rubygems.org/
  specs:
    bcrypt (3.1.16)
    mustermann (1.1.1)
      ruby2_keywords (~> 0.0.1)
    rack (2.2.3)
    rack-protection (2.1.0)
      rack
    ruby2_keywords (0.0.5)
    sequel (5.50.0)
    sinatra (2.1.0)
      mustermann (~> 1.0)
      rack (~> 2.2)
      rack-protection (= 2.1.0)
      tilt (~> 2.0)
    sqlite3 (1.4.2)
    tilt (2.0.10)

PLATFORMS
  x86_64-linux

DEPENDENCIES
  bcrypt (~> 3.1, >= 3.1.16)
  sequel (~> 5.50)
  sinatra (~> 2.1)
  sqlite3 (~> 1.4, >= 1.4.2)

BUNDLED WITH
   2.2.31
